GIT
  remote: git://github.com/renderedtext/api-dev-tools.git
  revision: 7cdf16c3ffbe1956c010333a5c5c5da64838be67
  specs:
    raml_parser (0.1.0)

PATH
  remote: .
  specs:
    raml_visualizer (0.18.1)
      raml_parser
      redcarpet

GEM
  remote: https://rubygems.org/
  specs:
    byebug (4.0.5)
      columnize (= 0.9.0)
    columnize (0.9.0)
    diff-lcs (1.3)
    rake (10.5.0)
    redcarpet (3.4.0)
    rspec (3.6.0)
      rspec-core (~> 3.6.0)
      rspec-expectations (~> 3.6.0)
      rspec-mocks (~> 3.6.0)
    rspec-core (3.6.0)
      rspec-support (~> 3.6.0)
    rspec-expectations (3.6.0)
      diff-lcs (>= 1.2.0, < 2.0)
      rspec-support (~> 3.6.0)
    rspec-mocks (3.6.0)
      diff-lcs (>= 1.2.0, < 2.0)
      rspec-support (~> 3.6.0)
    rspec-support (3.6.0)

PLATFORMS
  ruby

DEPENDENCIES
  bundler (~> 1.14)
  byebug
  rake (~> 10.0)
  raml_parser!
  raml_visualizer!
  rspec (~> 3.0)

BUNDLED WITH
   1.14.6
